PATH
  remote: /Users/stevensloan/code/statistrano
  specs:
    statistrano (0.0.1)
      colorize (~> 0.5.8)
      net-ssh (~> 2.6.5)
      rake (~> 10.0.3)
      thor (~> 0.15.4)

GEM
  remote: http://rubygems.org/
  specs:
    ZenTest (4.9.0)
    activesupport (3.2.12)
      i18n (~> 0.6)
      multi_json (~> 1.0)
    autotest (4.4.6)
      ZenTest (>= 4.4.1)
    awesome_print (1.1.0)
    chunky_png (1.2.7)
    coderay (1.0.9)
    coffee-script (2.2.0)
      coffee-script-source
      execjs
    coffee-script-source (1.3.3)
    colorize (0.5.8)
    columnize (0.3.6)
    compass (0.12.2)
      chunky_png (~> 1.2)
      fssm (>= 0.2.7)
      sass (~> 3.1)
    daemons (1.1.9)
    debugger (1.5.0)
      columnize (>= 0.3.1)
      debugger-linecache (~> 1.2.0)
      debugger-ruby_core_source (~> 1.2.0)
    debugger-linecache (1.2.0)
    debugger-ruby_core_source (1.2.0)
    diff-lcs (1.2.1)
    em-websocket (0.5.0)
      eventmachine (>= 0.12.9)
      http_parser.rb (~> 0.5.3)
    eventmachine (1.0.3)
    execjs (1.4.0)
      multi_json (~> 1.0)
    foreman (0.62.0)
      thor (>= 0.13.6)
    fssm (0.2.10)
    haml (3.1.8)
    hike (1.2.1)
    http_parser.rb (0.5.3)
    http_router (0.10.2)
      rack (>= 1.0.0)
      url_mount (~> 0.2.1)
    i18n (0.6.4)
    libv8 (3.11.8.13)
    listen (0.7.3)
    maruku (0.6.1)
      syntax (>= 1.0.0)
    method_source (0.8.1)
    middleman (3.0.12)
      middleman-core (= 3.0.12)
      middleman-more (= 3.0.12)
      middleman-sprockets (~> 3.0.8)
    middleman-core (3.0.12)
      activesupport (~> 3.2.6)
      bundler (~> 1.1)
      listen (~> 0.7.3)
      rack (~> 1.4.1)
      rack-test (~> 0.6.1)
      rb-fsevent (~> 0.9.3)
      thor (~> 0.15.4)
      tilt (~> 1.3.1)
    middleman-livereload (3.0.1)
      em-websocket (>= 0.2.0)
      middleman-core (~> 3.0.2)
      multi_json (~> 1.0)
      rack-livereload
    middleman-more (3.0.12)
      coffee-script (~> 2.2.0)
      coffee-script-source (~> 1.3.3)
      compass (>= 0.12.2)
      execjs (~> 1.4.0)
      haml (>= 3.1.6)
      i18n (~> 0.6.0)
      maruku (~> 0.6.0)
      middleman-core (= 3.0.12)
      padrino-helpers (= 0.10.7)
      sass (>= 3.1.20)
      uglifier (~> 1.2.6)
    middleman-sprockets (3.0.9)
      middleman-more (>= 3.0.11)
      sprockets (~> 2.1, < 2.5)
      sprockets-sass (~> 0.9.1)
    middleman-syntax (1.1.0)
      middleman-core (~> 3.0)
      pygments.rb (~> 0.3)
    multi_json (1.7.0)
    net-ssh (2.6.6)
    nokogiri (1.5.6)
    padrino-core (0.10.7)
      activesupport (~> 3.2.0)
      http_router (~> 0.10.2)
      sinatra (~> 1.3.1)
      thor (~> 0.15.2)
      tilt (~> 1.3.0)
    padrino-helpers (0.10.7)
      i18n (~> 0.6)
      padrino-core (= 0.10.7)
    posix-spawn (0.3.6)
    pry (0.9.12)
      coderay (~> 1.0.5)
      method_source (~> 0.8)
      slop (~> 3.4)
    pry-debugger (0.2.2)
      debugger (~> 1.3)
      pry (~> 0.9.10)
    pygments.rb (0.4.2)
      posix-spawn (~> 0.3.6)
      yajl-ruby (~> 1.1.0)
    rack (1.4.5)
    rack-legacy (0.3.5)
      rack
    rack-livereload (0.3.11)
      rack
    rack-protection (1.5.0)
      rack
    rack-test (0.6.2)
      rack (>= 1.0)
    rake (10.0.3)
    rb-fsevent (0.9.3)
    redcarpet (2.2.2)
    ref (1.0.2)
    rspec (2.13.0)
      rspec-core (~> 2.13.0)
      rspec-expectations (~> 2.13.0)
      rspec-mocks (~> 2.13.0)
    rspec-core (2.13.1)
    rspec-expectations (2.13.0)
      diff-lcs (>= 1.1.3, < 2.0)
    rspec-mocks (2.13.0)
    sass (3.2.7)
    sinatra (1.3.6)
      rack (~> 1.4)
      rack-protection (~> 1.3)
      tilt (~> 1.3, >= 1.3.3)
    slop (3.4.4)
    sprockets (2.4.5)
      hike (~> 1.2)
      multi_json (~> 1.0)
      rack (~> 1.0)
      tilt (~> 1.1, != 1.3.0)
    sprockets-sass (0.9.1)
      sprockets (~> 2.0)
      tilt (~> 1.1)
    syntax (1.0.0)
    therubyracer (0.11.4)
      libv8 (~> 3.11.8.12)
      ref
    thin (1.5.0)
      daemons (>= 1.0.9)
      eventmachine (>= 0.12.6)
      rack (>= 1.0.0)
    thor (0.15.4)
    tilt (1.3.5)
    uglifier (1.2.7)
      execjs (>= 0.3.0)
      multi_json (~> 1.3)
    url_mount (0.2.1)
      rack
    yajl-ruby (1.1.0)
    yard (0.8.5.2)

PLATFORMS
  ruby

DEPENDENCIES
  autotest
  awesome_print
  colorize
  foreman
  haml (~> 3)
  middleman (~> 3.0.12)
  middleman-livereload
  middleman-syntax
  nokogiri
  pry-debugger
  rack
  rack-legacy
  rake
  redcarpet
  rspec
  sass
  statistrano!
  therubyracer
  thin
  yard
